GEM
  remote: https://rubygems.org/
  specs:
    nio4r (2.5.8)

PLATFORMS
  x64-mingw32
  x86_64-darwin-20
  x86_64-linux

DEPENDENCIES
  nio4r (= 2.5.8)

BUNDLED WITH
   2.2.26
